PATH
  remote: .
  specs:
    vanity (2.0.0.beta2)

GEM
  remote: https://rubygems.org/
  specs:
    RedCloth (4.2.9)
    activesupport (4.1.4)
      i18n (~> 0.6, >= 0.6.9)
      json (~> 1.7, >= 1.7.7)
      minitest (~> 5.1)
      thread_safe (~> 0.1)
      tzinfo (~> 1.1)
    addressable (2.2.7)
    albino (1.3.3)
      posix-spawn (>= 0.3.6)
    appraisal (1.0.0.beta2)
      bundler
      rake
      thor (>= 0.14.0)
    bson (1.6.0)
    bson_ext (1.6.0)
      bson (= 1.6.0)
    classifier (1.3.3)
      fast-stemmer (>= 1.0.0)
    crack (0.3.1)
    directory_watcher (1.4.1)
    fast-stemmer (1.0.0)
    garb (0.9.8)
      activesupport (>= 2.2)
      multi_json (>= 1.3)
    i18n (0.6.11)
    integration (0.1.0)
    jekyll (0.11.2)
      albino (~> 1.3)
      classifier (~> 1.3)
      directory_watcher (~> 1.1)
      kramdown (~> 0.13)
      liquid (~> 2.3)
      maruku (~> 0.5)
    json (1.8.1)
    kramdown (0.13.5)
    liquid (2.3.0)
    maruku (0.6.0)
      syntax (>= 1.0.0)
    minitest (5.4.0)
    mongo (1.6.0)
      bson (= 1.6.0)
    multi_json (1.10.1)
    posix-spawn (0.3.6)
    rack (1.1.3)
    rake (10.1.0)
    redis (3.0.6)
    redis-namespace (1.3.2)
      redis (~> 3.0.4)
    rubystats (0.2.3)
    sqlite3 (1.3.8)
    syntax (1.0.0)
    thor (0.18.1)
    thread_safe (0.3.4)
    timecop (0.3.5)
    tzinfo (1.2.1)
      thread_safe (~> 0.1)
    webmock (1.8.0)
      addressable (>= 2.2.7)
      crack (>= 0.1.7)
    yard (0.7.5)

PLATFORMS
  ruby

DEPENDENCIES
  RedCloth
  appraisal (>= 1.0.0.beta2)
  bson_ext
  bundler (>= 1.0.0)
  garb (~> 0.9.8)
  integration
  jekyll
  minitest (>= 4.2)
  mongo
  rack
  rake
  redis (>= 2.1)
  redis-namespace (>= 1.1.0)
  rubystats
  sqlite3
  timecop
  vanity!
  webmock
  yard
